GEM
  remote: https://rubygems.org/
  specs:
    barby (0.5.0)
    dalli (1.0.2)
    rack (1.4.1)
    rack-protection (1.2.0)
      rack
    rake (0.9.2.2)
    rmagick (2.13.1)
    rqrcode (0.4.2)
    semacode-ruby19 (0.7.4)
      rake (>= 0.7.0)
    sinatra (1.3.3)
      rack (~> 1.3, >= 1.3.6)
      rack-protection (~> 1.2)
      tilt (~> 1.3, >= 1.3.3)
    tilt (1.3.3)

PLATFORMS
  ruby

DEPENDENCIES
  barby (~> 0.5.0)
  dalli
  rmagick
  rqrcode
  semacode-ruby19
  sinatra
